GEM
  remote: http://rubygems.org/
  specs:
    rack (1.5.5)

PLATFORMS
  ruby

DEPENDENCIES
  rack (~> 1.5.2)

RUBY VERSION
   ruby 2.2.3p173

BUNDLED WITH
   1.15.4
